GEM
  remote: https://rubygems.org/
  specs:
    liquid (5.1.0)

PLATFORMS
  ruby

DEPENDENCIES
  liquid

BUNDLED WITH
   2.1.4
